GEM
  remote: https://rubygems.org/
  specs:
    rack (2.2.3)
    rake (13.0.3)

PLATFORMS
  x86_64-linux

DEPENDENCIES
  rack
  rake

RUBY VERSION
   ruby 3.0.0p0

BUNDLED WITH
   2.2.3
