GEM
  remote: https://rubygems.org/
  specs:
    coderay (1.1.2)
    concurrent-ruby (1.1.6)
    faker (2.10.2)
      i18n (>= 1.6, < 2)
    i18n (1.8.2)
      concurrent-ruby (~> 1.0)
    method_source (0.9.2)
    pry (0.12.2)
      coderay (~> 1.1.0)
      method_source (~> 0.9.0)
    rack (2.2.2)
    rake (13.0.1)
    yard (0.9.24)

PLATFORMS
  ruby

DEPENDENCIES
  faker
  pry
  rack
  rake
  yard

RUBY VERSION
   ruby 2.4.5p335

BUNDLED WITH
   1.17.3
