GEM
  remote: https://rubygems.org/
  specs:
    coderay (1.1.2)
    concurrent-ruby (1.1.5)
    faker (2.10.1)
      i18n (>= 1.6, < 2)
    i18n (1.7.0)
      concurrent-ruby (~> 1.0)
    method_source (0.9.2)
    pry (0.12.2)
      coderay (~> 1.1.0)
      method_source (~> 0.9.0)
    rake (13.0.1)
    yard (0.9.24)

PLATFORMS
  ruby

DEPENDENCIES
  faker
  pry
  rake
  yard

RUBY VERSION
   ruby 2.7.0p0

BUNDLED WITH
   2.1.2
